GIT
  remote: https://github.com/matthewd/websocket-client-simple.git
  revision: e161305f1a466b9398d86df3b1731b03362da91b
  branch: close-race
  specs:
    websocket-client-simple (0.3.0)
      event_emitter
      websocket

PATH
  remote: .
  specs:
    actioncable (7.0.0.alpha)
      actionpack (= 7.0.0.alpha)
      activesupport (= 7.0.0.alpha)
      nio4r (~> 2.0)
      websocket-driver (>= 0.6.1)
    actionmailbox (7.0.0.alpha)
      actionpack (= 7.0.0.alpha)
      activejob (= 7.0.0.alpha)
      activerecord (= 7.0.0.alpha)
      activestorage (= 7.0.0.alpha)
      activesupport (= 7.0.0.alpha)
      mail (>= 2.7.1)
    actionmailer (7.0.0.alpha)
      actionpack (= 7.0.0.alpha)
      actionview (= 7.0.0.alpha)
      activejob (= 7.0.0.alpha)
      activesupport (= 7.0.0.alpha)
      mail (~> 2.5, >= 2.5.4)
      rails-dom-testing (~> 2.0)
    actionpack (7.0.0.alpha)
      actionview (= 7.0.0.alpha)
      activesupport (= 7.0.0.alpha)
      rack (~> 2.0, >= 2.2.0)
      rack-test (>= 0.6.3)
      rails-dom-testing (~> 2.0)
      rails-html-sanitizer (~> 1.0, >= 1.2.0)
    actiontext (7.0.0.alpha)
      actionpack (= 7.0.0.alpha)
      activerecord (= 7.0.0.alpha)
      activestorage (= 7.0.0.alpha)
      activesupport (= 7.0.0.alpha)
      nokogiri (>= 1.8.5)
    actionview (7.0.0.alpha)
      activesupport (= 7.0.0.alpha)
      builder (~> 3.1)
      erubi (~> 1.4)
      rails-dom-testing (~> 2.0)
      rails-html-sanitizer (~> 1.1, >= 1.2.0)
    activejob (7.0.0.alpha)
      activesupport (= 7.0.0.alpha)
      globalid (>= 0.3.6)
    activemodel (7.0.0.alpha)
      activesupport (= 7.0.0.alpha)
    activerecord (7.0.0.alpha)
      activemodel (= 7.0.0.alpha)
      activesupport (= 7.0.0.alpha)
    activestorage (7.0.0.alpha)
      actionpack (= 7.0.0.alpha)
      activejob (= 7.0.0.alpha)
      activerecord (= 7.0.0.alpha)
      activesupport (= 7.0.0.alpha)
      marcel (~> 1.0.0)
      mini_mime (>= 1.1.0)
    activesupport (7.0.0.alpha)
      concurrent-ruby (~> 1.0, >= 1.0.2)
      i18n (>= 1.6, < 2)
      minitest (>= 5.1)
      tzinfo (~> 2.0)
      zeitwerk (~> 2.3)
    rails (7.0.0.alpha)
      actioncable (= 7.0.0.alpha)
      actionmailbox (= 7.0.0.alpha)
      actionmailer (= 7.0.0.alpha)
      actionpack (= 7.0.0.alpha)
      actiontext (= 7.0.0.alpha)
      actionview (= 7.0.0.alpha)
      activejob (= 7.0.0.alpha)
      activemodel (= 7.0.0.alpha)
      activerecord (= 7.0.0.alpha)
      activestorage (= 7.0.0.alpha)
      activesupport (= 7.0.0.alpha)
      bundler (>= 1.15.0)
      railties (= 7.0.0.alpha)
      sprockets-rails (>= 2.0.0)
    railties (7.0.0.alpha)
      actionpack (= 7.0.0.alpha)
      activesupport (= 7.0.0.alpha)
      method_source
      rake (>= 0.13)
      thor (~> 1.0)

GEM
  remote: https://rubygems.org/
  specs:
    addressable (2.8.0)
      public_suffix (>= 2.0.2, < 5.0)
    amq-protocol (2.3.2)
    ansi (1.5.0)
    ast (2.4.2)
    aws-eventstream (1.2.0)
    aws-partitions (1.589.0)
    aws-sdk-core (3.131.1)
      aws-eventstream (~> 1, >= 1.0.2)
      aws-partitions (~> 1, >= 1.525.0)
      aws-sigv4 (~> 1.1)
      jmespath (~> 1, >= 1.6.1)
    aws-sdk-kms (1.57.0)
      aws-sdk-core (~> 3, >= 3.127.0)
      aws-sigv4 (~> 1.1)
    aws-sdk-s3 (1.114.0)
      aws-sdk-core (~> 3, >= 3.127.0)
      aws-sdk-kms (~> 1)
      aws-sigv4 (~> 1.4)
    aws-sdk-sns (1.53.0)
      aws-sdk-core (~> 3, >= 3.127.0)
      aws-sigv4 (~> 1.1)
    aws-sigv4 (1.5.0)
      aws-eventstream (~> 1, >= 1.0.2)
    azure-storage-blob (2.0.3)
      azure-storage-common (~> 2.0)
      nokogiri (~> 1, >= 1.10.8)
    azure-storage-common (2.0.4)
      faraday (~> 1.0)
      faraday_middleware (~> 1.0, >= 1.0.0.rc1)
      net-http-persistent (~> 4.0)
      nokogiri (~> 1, >= 1.10.8)
    backburner (1.6.0)
      beaneater (~> 1.0)
      concurrent-ruby (~> 1.0, >= 1.0.1)
      dante (> 0.1.5)
    bcrypt (3.1.18)
    beaneater (1.1.1)
    benchmark-ips (2.10.0)
    blade (0.7.3)
      activesupport (>= 3.0.0)
      blade-qunit_adapter (>= 2.0.1)
      coffee-script
      coffee-script-source
      curses (>= 1.4.0)
      eventmachine
      faye
      sprockets (>= 3.0)
      thin (>= 1.6.0)
      thor (>= 0.19.1)
      useragent (>= 0.16.7)
    blade-qunit_adapter (2.0.1)
    bootsnap (1.11.1)
      msgpack (~> 1.2)
    builder (3.2.4)
    bunny (2.19.0)
      amq-protocol (~> 2.3, >= 2.3.1)
      sorted_set (~> 1, >= 1.0.2)
    byebug (11.1.3)
    capybara (3.37.1)
      addressable
      matrix
      mini_mime (>= 0.1.3)
      nokogiri (~> 1.8)
      rack (>= 1.6.0)
      rack-test (>= 0.6.3)
      regexp_parser (>= 1.5, < 3.0)
      xpath (~> 3.2)
    childprocess (4.1.0)
    coffee-script (2.4.1)
      coffee-script-source
      execjs
    coffee-script-source (1.12.2)
    concurrent-ruby (1.1.10)
    connection_pool (2.2.5)
    cookiejar (0.3.3)
    crack (0.4.5)
      rexml
    crass (1.0.6)
    curses (1.4.4)
    daemons (1.4.1)
    dalli (3.2.1)
    dante (0.2.0)
    declarative (0.0.20)
    delayed_job (4.1.10)
      activesupport (>= 3.0, < 8.0)
    delayed_job_active_record (4.1.7)
      activerecord (>= 3.0, < 8.0)
      delayed_job (>= 3.0, < 5)
    digest (3.1.0)
    digest-crc (0.6.4)
      rake (>= 12.0.0, < 14.0.0)
    em-http-request (1.1.7)
      addressable (>= 2.3.4)
      cookiejar (!= 0.3.1)
      em-socksify (>= 0.3)
      eventmachine (>= 1.0.3)
      http_parser.rb (>= 0.6.0)
    em-socksify (0.3.2)
      eventmachine (>= 1.0.0.beta.4)
    erubi (1.10.0)
    et-orbi (1.2.7)
      tzinfo
    event_emitter (0.2.6)
    eventmachine (1.2.7)
    execjs (2.8.1)
    faraday (1.10.0)
      faraday-em_http (~> 1.0)
      faraday-em_synchrony (~> 1.0)
      faraday-excon (~> 1.1)
      faraday-httpclient (~> 1.0)
      faraday-multipart (~> 1.0)
      faraday-net_http (~> 1.0)
      faraday-net_http_persistent (~> 1.0)
      faraday-patron (~> 1.0)
      faraday-rack (~> 1.0)
      faraday-retry (~> 1.0)
      ruby2_keywords (>= 0.0.4)
    faraday-em_http (1.0.0)
    faraday-em_synchrony (1.0.0)
    faraday-excon (1.1.0)
    faraday-httpclient (1.0.1)
    faraday-multipart (1.0.3)
      multipart-post (>= 1.2, < 3)
    faraday-net_http (1.0.1)
    faraday-net_http_persistent (1.2.0)
    faraday-patron (1.0.0)
    faraday-rack (1.0.0)
    faraday-retry (1.0.3)
    faraday_middleware (1.2.0)
      faraday (~> 1.0)
    faye (1.4.0)
      cookiejar (>= 0.3.0)
      em-http-request (>= 1.1.6)
      eventmachine (>= 0.12.0)
      faye-websocket (>= 0.11.0)
      multi_json (>= 1.0.0)
      rack (>= 1.0.0)
      websocket-driver (>= 0.5.1)
    faye-websocket (0.11.1)
      eventmachine (>= 0.12.0)
      websocket-driver (>= 0.5.1)
    ffi (1.15.5)
    fugit (1.5.3)
      et-orbi (~> 1, >= 1.2.7)
      raabro (~> 1.4)
    globalid (1.0.0)
      activesupport (>= 5.0)
    google-apis-core (0.5.0)
      addressable (~> 2.5, >= 2.5.1)
      googleauth (>= 0.16.2, < 2.a)
      httpclient (>= 2.8.1, < 3.a)
      mini_mime (~> 1.0)
      representable (~> 3.0)
      retriable (>= 2.0, < 4.a)
      rexml
      webrick
    google-apis-iamcredentials_v1 (0.10.0)
      google-apis-core (>= 0.4, < 2.a)
    google-apis-storage_v1 (0.14.0)
      google-apis-core (>= 0.4, < 2.a)
    google-cloud-core (1.6.0)
      google-cloud-env (~> 1.0)
      google-cloud-errors (~> 1.0)
    google-cloud-env (1.6.0)
      faraday (>= 0.17.3, < 3.0)
    google-cloud-errors (1.2.0)
    google-cloud-storage (1.36.2)
      addressable (~> 2.8)
      digest-crc (~> 0.4)
      google-apis-iamcredentials_v1 (~> 0.1)
      google-apis-storage_v1 (~> 0.1)
      google-cloud-core (~> 1.6)
      googleauth (>= 0.16.2, < 2.a)
      mini_mime (~> 1.0)
    googleauth (1.1.3)
      faraday (>= 0.17.3, < 3.a)
      jwt (>= 1.4, < 3.0)
      memoist (~> 0.16)
      multi_json (~> 1.11)
      os (>= 0.9, < 2.0)
      signet (>= 0.16, < 2.a)
    hashdiff (1.0.1)
    hiredis (0.6.3)
    http_parser.rb (0.8.0)
    httpclient (2.8.3)
    i18n (1.10.0)
      concurrent-ruby (~> 1.0)
    image_processing (1.12.2)
      mini_magick (>= 4.9.5, < 5)
      ruby-vips (>= 2.0.17, < 3)
    jmespath (1.6.1)
    json (2.6.2)
    jwt (2.3.0)
    kindlerb (1.2.0)
      mustache
      nokogiri
    libxml-ruby (3.2.3)
    listen (3.7.1)
      rb-fsevent (~> 0.10, >= 0.10.3)
      rb-inotify (~> 0.9, >= 0.9.10)
    loofah (2.18.0)
      crass (~> 1.0.2)
      nokogiri (>= 1.5.9)
    mail (2.7.1)
      mini_mime (>= 0.1.1)
    marcel (1.0.2)
    matrix (0.4.2)
    memoist (0.16.2)
    method_source (1.0.0)
    mini_magick (4.11.0)
    mini_mime (1.1.2)
    mini_portile2 (2.8.0)
    minitest (5.15.0)
    minitest-bisect (1.5.1)
      minitest-server (~> 1.0)
      path_expander (~> 1.1)
    minitest-reporters (1.5.0)
      ansi
      builder
      minitest (>= 5.0)
      ruby-progressbar
    minitest-retry (0.2.2)
      minitest (>= 5.0)
    minitest-server (1.0.6)
      minitest (~> 5.0)
    mono_logger (1.1.1)
    msgpack (1.5.1)
    multi_json (1.15.0)
    multipart-post (2.1.1)
    mustache (1.1.1)
    mustermann (1.1.1)
      ruby2_keywords (~> 0.0.1)
    mysql2 (0.5.4)
    net-http-persistent (4.0.1)
      connection_pool (~> 2.2)
    net-imap (0.2.3)
      digest
      net-protocol
      strscan
    net-pop (0.1.1)
      digest
      net-protocol
      timeout
    net-protocol (0.1.3)
      timeout
    net-smtp (0.3.1)
      digest
      net-protocol
      timeout
    nio4r (2.5.8)
    nokogiri (1.13.6)
      mini_portile2 (~> 2.8.0)
      racc (~> 1.4)
    nokogiri (1.13.6-x86_64-darwin)
      racc (~> 1.4)
    nokogiri (1.13.6-x86_64-linux)
      racc (~> 1.4)
    os (1.1.4)
    parallel (1.22.1)
    parser (3.1.2.0)
      ast (~> 2.4.1)
    path_expander (1.1.0)
    pg (1.3.5)
    psych (3.3.2)
    public_suffix (4.0.7)
    puma (5.6.4)
      nio4r (~> 2.0)
    que (1.4.0)
    queue_classic (4.0.0)
      pg (>= 1.1, < 2.0)
    qunit-selenium (0.0.4)
      selenium-webdriver
      thor
    raabro (1.4.0)
    racc (1.6.0)
    rack (2.2.3)
    rack-cache (1.13.0)
      rack (>= 0.4)
    rack-protection (2.2.0)
      rack
    rack-proxy (0.7.2)
      rack
    rack-test (1.1.0)
      rack (>= 1.0, < 3)
    rails-dom-testing (2.0.3)
      activesupport (>= 4.2.0)
      nokogiri (>= 1.6)
    rails-html-sanitizer (1.4.2)
      loofah (~> 2.3)
    rainbow (3.1.1)
    rake (13.0.6)
    rb-fsevent (0.11.1)
    rb-inotify (0.10.1)
      ffi (~> 1.0)
    rbtree (0.4.5)
    rdoc (6.3.3)
    redcarpet (3.2.3)
    redis (4.6.0)
    redis-namespace (1.8.2)
      redis (>= 3.0.4)
    regexp_parser (2.4.0)
    representable (3.2.0)
      declarative (< 0.1.0)
      trailblazer-option (>= 0.1.1, < 0.2.0)
      uber (< 0.2.0)
    resque (2.2.1)
      mono_logger (~> 1.0)
      multi_json (~> 1.0)
      redis-namespace (~> 1.6)
      sinatra (>= 0.9.2)
    resque-scheduler (4.5.0)
      mono_logger (~> 1.0)
      redis (>= 3.3)
      resque (>= 1.27)
      rufus-scheduler (~> 3.2, < 3.7)
    retriable (3.1.2)
    rexml (3.2.5)
    rouge (3.28.0)
    rubocop (1.29.1)
      parallel (~> 1.10)
      parser (>= 3.1.0.0)
      rainbow (>= 2.2.2, < 4.0)
      regexp_parser (>= 1.8, < 3.0)
      rexml (>= 3.2.5, < 4.0)
      rubocop-ast (>= 1.17.0, < 2.0)
      ruby-progressbar (~> 1.7)
      unicode-display_width (>= 1.4.0, < 3.0)
    rubocop-ast (1.18.0)
      parser (>= 3.1.1.0)
    rubocop-packaging (0.5.1)
      rubocop (>= 0.89, < 2.0)
    rubocop-performance (1.13.3)
      rubocop (>= 1.7.0, < 2.0)
      rubocop-ast (>= 0.4.0)
    rubocop-rails (2.14.2)
      activesupport (>= 4.2.0)
      rack (>= 1.1)
      rubocop (>= 1.7.0, < 2.0)
    ruby-progressbar (1.11.0)
    ruby-vips (2.1.4)
      ffi (~> 1.12)
    ruby2_keywords (0.0.5)
    rubyzip (2.3.2)
    rufus-scheduler (3.6.0)
      fugit (~> 1.1, >= 1.1.6)
    sass-rails (6.0.0)
      sassc-rails (~> 2.1, >= 2.1.1)
    sassc (2.4.0)
      ffi (~> 1.9)
    sassc-rails (2.1.2)
      railties (>= 4.0.0)
      sassc (>= 2.0)
      sprockets (> 3.0)
      sprockets-rails
      tilt
    sdoc (2.4.0)
      rdoc (>= 5.0)
    selenium-webdriver (4.1.0)
      childprocess (>= 0.5, < 5.0)
      rexml (~> 3.2, >= 3.2.5)
      rubyzip (>= 1.2.2)
    semantic_range (3.0.0)
    sequel (5.56.0)
    serverengine (2.0.7)
      sigdump (~> 0.2.2)
    set (1.0.2)
    sidekiq (6.4.2)
      connection_pool (>= 2.2.2)
      rack (~> 2.0)
      redis (>= 4.2.0)
    sigdump (0.2.4)
    signet (0.16.1)
      addressable (~> 2.8)
      faraday (>= 0.17.5, < 3.0)
      jwt (>= 1.5, < 3.0)
      multi_json (~> 1.10)
    sinatra (2.2.0)
      mustermann (~> 1.0)
      rack (~> 2.2)
      rack-protection (= 2.2.0)
      tilt (~> 2.0)
    sneakers (2.11.0)
      bunny (~> 2.12)
      concurrent-ruby (~> 1.0)
      rake
      serverengine (~> 2.0.5)
      thor
    sorted_set (1.0.3)
      rbtree
      set (~> 1.0)
    sprockets (4.0.3)
      concurrent-ruby (~> 1.0)
      rack (> 1, < 3)
    sprockets-export (1.0.0)
    sprockets-rails (3.4.2)
      actionpack (>= 5.2)
      activesupport (>= 5.2)
      sprockets (>= 3.0.0)
    sqlite3 (1.4.2)
    stackprof (0.2.19)
    strscan (3.0.3)
    sucker_punch (3.0.1)
      concurrent-ruby (~> 1.0)
    thin (1.8.1)
      daemons (~> 1.0, >= 1.0.9)
      eventmachine (~> 1.0, >= 1.0.4)
      rack (>= 1, < 3)
    thor (1.2.1)
    tilt (2.0.10)
    timeout (0.2.0)
    trailblazer-option (0.1.2)
    turbolinks (5.2.1)
      turbolinks-source (~> 5.2)
    turbolinks-source (5.2.0)
    tzinfo (2.0.4)
      concurrent-ruby (~> 1.0)
    uber (0.1.0)
    uglifier (4.2.0)
      execjs (>= 0.3.0, < 3)
    unicode-display_width (2.1.0)
    useragent (0.16.10)
    w3c_validators (1.3.7)
      json (>= 1.8)
      nokogiri (~> 1.6)
      rexml (~> 3.2)
    webdrivers (5.0.0)
      nokogiri (~> 1.6)
      rubyzip (>= 1.3.0)
      selenium-webdriver (~> 4.0)
    webmock (3.14.0)
      addressable (>= 2.8.0)
      crack (>= 0.3.2)
      hashdiff (>= 0.4.0, < 2.0.0)
    webpacker (5.4.3)
      activesupport (>= 5.2)
      rack-proxy (>= 0.6.1)
      railties (>= 5.2)
      semantic_range (>= 2.3.0)
    webrick (1.7.0)
    websocket (1.2.9)
    websocket-driver (0.7.5)
      websocket-extensions (>= 0.1.0)
    websocket-extensions (0.1.5)
    xpath (3.2.0)
      nokogiri (~> 1.8)
    zeitwerk (2.5.4)

PLATFORMS
  ruby
  x86_64-darwin-19
  x86_64-darwin-20
  x86_64-linux

DEPENDENCIES
  activerecord-jdbcmysql-adapter (>= 1.3.0)
  activerecord-jdbcpostgresql-adapter (>= 1.3.0)
  activerecord-jdbcsqlite3-adapter (>= 1.3.0)
  aws-sdk-s3
  aws-sdk-sns
  azure-storage-blob
  backburner
  bcrypt (~> 3.1.11)
  benchmark-ips
  blade
  bootsnap (>= 1.4.4)
  byebug
  capybara (>= 3.26)
  connection_pool
  dalli
  delayed_job
  delayed_job_active_record
  google-cloud-storage (~> 1.11)
  hiredis
  image_processing (~> 1.2)
  json (>= 2.0.0)
  kindlerb (~> 1.2.0)
  libxml-ruby
  listen (~> 3.3)
  matrix
  minitest-bisect
  minitest-reporters
  minitest-retry
  mysql2 (~> 0.5, >= 0.5.4)
  net-imap
  net-pop
  net-smtp
  nokogiri (>= 1.8.1, != 1.11.0)
  pg (~> 1.1)
  psych (~> 3.0)
  puma
  que
  queue_classic
  qunit-selenium
  racc (>= 1.4.6)
  rack-cache (~> 1.2)
  rails!
  rake (>= 11.1)
  redcarpet (~> 3.2.3)
  redis (~> 4.0)
  redis-namespace
  resque
  resque-scheduler
  rexml
  rouge
  rubocop (>= 0.90)
  rubocop-packaging
  rubocop-performance
  rubocop-rails
  sass-rails
  sdoc (>= 2.2.0)
  selenium-webdriver (>= 4.0.0.alpha7)
  sequel
  sidekiq
  sneakers
  sprockets-export
  sqlite3 (~> 1.4)
  stackprof
  sucker_punch
  turbolinks (~> 5)
  tzinfo-data
  uglifier (>= 1.3.0)
  w3c_validators (~> 1.3.6)
  wdm (>= 0.1.0)
  webdrivers
  webmock
  webpacker (~> 5.0)
  webrick
  websocket-client-simple!

BUNDLED WITH
   2.2.19
