GEM
  remote: https://rubygems.org/
  specs:
    mini_portile (0.5.1)
    nokogiri (1.6.0)
      mini_portile (~> 0.5.0)
    rack (1.5.2)
    rack-test (0.6.2)
      rack (>= 1.0)
    redcarpet (3.0.0)

PLATFORMS
  ruby

DEPENDENCIES
  nokogiri
  rack-test
  redcarpet
